GEM
  remote: https://rubygems.org/
  specs:
    ruby-xslt (0.9.10)

PLATFORMS
  ruby

DEPENDENCIES
  ruby-xslt

BUNDLED WITH
   1.16.1
